GIT
  remote: https://github.com/faker-ruby/faker.git
  revision: 3f0ddf95d0905c7bd26409a682b33cec2e79a623
  branch: master
  specs:
    faker (2.18.0)
      i18n (>= 1.6, < 2)

GEM
  remote: https://rubygems.org/
  specs:
    actioncable (6.0.3.7)
      actionpack (= 6.0.3.7)
      nio4r (~> 2.0)
      websocket-driver (>= 0.6.1)
    actionmailbox (6.0.3.7)
      actionpack (= 6.0.3.7)
      activejob (= 6.0.3.7)
      activerecord (= 6.0.3.7)
      activestorage (= 6.0.3.7)
      activesupport (= 6.0.3.7)
      mail (>= 2.7.1)
    actionmailer (6.0.3.7)
      actionpack (= 6.0.3.7)
      actionview (= 6.0.3.7)
      activejob (= 6.0.3.7)
      mail (~> 2.5, >= 2.5.4)
      rails-dom-testing (~> 2.0)
    actionpack (6.0.3.7)
      actionview (= 6.0.3.7)
      activesupport (= 6.0.3.7)
      rack (~> 2.0, >= 2.0.8)
      rack-test (>= 0.6.3)
      rails-dom-testing (~> 2.0)
      rails-html-sanitizer (~> 1.0, >= 1.2.0)
    actiontext (6.0.3.7)
      actionpack (= 6.0.3.7)
      activerecord (= 6.0.3.7)
      activestorage (= 6.0.3.7)
      activesupport (= 6.0.3.7)
      nokogiri (>= 1.8.5)
    actionview (6.0.3.7)
      activesupport (= 6.0.3.7)
      builder (~> 3.1)
      erubi (~> 1.4)
      rails-dom-testing (~> 2.0)
      rails-html-sanitizer (~> 1.1, >= 1.2.0)
    activejob (6.0.3.7)
      activesupport (= 6.0.3.7)
      globalid (>= 0.3.6)
    activemodel (6.0.3.7)
      activesupport (= 6.0.3.7)
    activerecord (6.0.3.7)
      activemodel (= 6.0.3.7)
      activesupport (= 6.0.3.7)
    activestorage (6.0.3.7)
      actionpack (= 6.0.3.7)
      activejob (= 6.0.3.7)
      activerecord (= 6.0.3.7)
      marcel (~> 1.0.0)
    activesupport (6.0.3.7)
      concurrent-ruby (~> 1.0, >= 1.0.2)
      i18n (>= 0.7, < 2)
      minitest (~> 5.1)
      tzinfo (~> 1.1)
      zeitwerk (~> 2.2, >= 2.2.2)
    aws_cf_signer (0.1.3)
    bcrypt (3.1.16)
    bootsnap (1.7.5)
      msgpack (~> 1.0)
    builder (3.2.4)
    byebug (11.1.3)
    cloudinary (1.20.0)
      aws_cf_signer
      rest-client (>= 2.0.0)
    concurrent-ruby (1.1.8)
    crass (1.0.6)
    diff-lcs (1.4.4)
    domain_name (0.5.20190701)
      unf (>= 0.0.5, < 1.0.0)
    erubi (1.10.0)
    factory_bot (6.2.0)
      activesupport (>= 5.0.0)
    factory_bot_rails (6.2.0)
      factory_bot (~> 6.2.0)
      railties (>= 5.0.0)
    globalid (0.4.2)
      activesupport (>= 4.2.0)
    http-accept (1.7.0)
    http-cookie (1.0.3)
      domain_name (~> 0.5)
    i18n (1.8.10)
      concurrent-ruby (~> 1.0)
    jwt (2.2.3)
    loofah (2.9.1)
      crass (~> 1.0.2)
      nokogiri (>= 1.5.9)
    mail (2.7.1)
      mini_mime (>= 0.1.1)
    marcel (1.0.1)
    method_source (1.0.0)
    mime-types (3.3.1)
      mime-types-data (~> 3.2015)
    mime-types-data (3.2021.0225)
    mini_mime (1.1.0)
    minitest (5.14.4)
    msgpack (1.4.2)
    netrc (0.11.0)
    nio4r (2.5.7)
    nokogiri (1.11.5-x86_64-linux)
      racc (~> 1.4)
    pg (1.1.4)
    puma (4.3.8)
      nio4r (~> 2.0)
    racc (1.5.2)
    rack (2.2.3)
    rack-cors (1.1.1)
      rack (>= 2.0.0)
    rack-test (1.1.0)
      rack (>= 1.0, < 3)
    rails (6.0.3.7)
      actioncable (= 6.0.3.7)
      actionmailbox (= 6.0.3.7)
      actionmailer (= 6.0.3.7)
      actionpack (= 6.0.3.7)
      actiontext (= 6.0.3.7)
      actionview (= 6.0.3.7)
      activejob (= 6.0.3.7)
      activemodel (= 6.0.3.7)
      activerecord (= 6.0.3.7)
      activestorage (= 6.0.3.7)
      activesupport (= 6.0.3.7)
      bundler (>= 1.3.0)
      railties (= 6.0.3.7)
      sprockets-rails (>= 2.0.0)
    rails-dom-testing (2.0.3)
      activesupport (>= 4.2.0)
      nokogiri (>= 1.6)
    rails-html-sanitizer (1.3.0)
      loofah (~> 2.3)
    railties (6.0.3.7)
      actionpack (= 6.0.3.7)
      activesupport (= 6.0.3.7)
      method_source
      rake (>= 0.8.7)
      thor (>= 0.20.3, < 2.0)
    rake (13.0.3)
    rest-client (2.1.0)
      http-accept (>= 1.7.0, < 2.0)
      http-cookie (>= 1.0.2, < 2.0)
      mime-types (>= 1.16, < 4.0)
      netrc (~> 0.8)
    rspec-core (3.10.1)
      rspec-support (~> 3.10.0)
    rspec-expectations (3.10.1)
      diff-lcs (>= 1.2.0, < 2.0)
      rspec-support (~> 3.10.0)
    rspec-mocks (3.10.2)
      diff-lcs (>= 1.2.0, < 2.0)
      rspec-support (~> 3.10.0)
    rspec-rails (5.0.1)
      actionpack (>= 5.2)
      activesupport (>= 5.2)
      railties (>= 5.2)
      rspec-core (~> 3.10)
      rspec-expectations (~> 3.10)
      rspec-mocks (~> 3.10)
      rspec-support (~> 3.10)
    rspec-support (3.10.2)
    spring (2.1.1)
    spring-commands-rspec (1.0.4)
      spring (>= 0.9.1)
    sprockets (4.0.2)
      concurrent-ruby (~> 1.0)
      rack (> 1, < 3)
    sprockets-rails (3.2.2)
      actionpack (>= 4.0)
      activesupport (>= 4.0)
      sprockets (>= 3.0.0)
    sqlite3 (1.4.2)
    thor (1.1.0)
    thread_safe (0.3.6)
    tzinfo (1.2.9)
      thread_safe (~> 0.1)
    unf (0.1.4)
      unf_ext
    unf_ext (0.0.7.7)
    websocket-driver (0.7.3)
      websocket-extensions (>= 0.1.0)
    websocket-extensions (0.1.5)
    zeitwerk (2.4.2)

PLATFORMS
  x86_64-linux

DEPENDENCIES
  bcrypt (~> 3.1.7)
  bootsnap (>= 1.4.2)
  byebug
  cloudinary
  factory_bot_rails
  faker!
  jwt
  pg (~> 1.1.4)
  puma (~> 4.1)
  rack-cors
  rails (~> 6.0.3, >= 6.0.3.4)
  rspec-rails
  spring-commands-rspec
  sqlite3 (~> 1.4)
  tzinfo-data

RUBY VERSION
   ruby 2.6.6p146

BUNDLED WITH
   2.2.17
